PATH
  remote: .
  specs:
    docksync (0.0.1)
      colorize
      filewatcher
      hashie
      thor

GEM
  remote: https://rubygems.org/
  specs:
    colorize (0.7.5)
    curses (1.0.1)
    filewatcher (0.3.6)
      trollop (~> 2.0)
    hashie (3.3.2)
    rake (10.4.2)
    thor (0.19.1)
    trollop (2.1.0)
      curses

PLATFORMS
  ruby

DEPENDENCIES
  bundler (~> 1.3)
  docksync!
  rake
